GEM
  remote: https://rubygems.org/
  specs:
    mini_portile2 (2.8.2)
    nokogiri (1.15.3)
      mini_portile2 (~> 2.8.2)
      racc (~> 1.4)
    racc (1.7.1)
    redcarpet (3.6.0)
    scorn (0.3.1)
    webrick (1.8.1)

PLATFORMS
  ruby

DEPENDENCIES
  nokogiri
  redcarpet
  scorn
  webrick

BUNDLED WITH
   2.4.10
