GEM
  remote: https://rubygems.org/
  specs:
    mini_portile2 (2.5.0)
    nokogiri (1.11.1)
      mini_portile2 (~> 2.5.0)
      racc (~> 1.4)
    racc (1.5.2)
    redcarpet (3.5.1)
    scorn (0.3.0)

PLATFORMS
  ruby

DEPENDENCIES
  nokogiri
  redcarpet
  scorn

BUNDLED WITH
   2.1.4
